GEM
  remote: https://rubygems.org/
  specs:
    activesupport (4.0.2)
      i18n (~> 0.6, >= 0.6.4)
      minitest (~> 4.2)
      multi_json (~> 1.3)
      thread_safe (~> 0.1)
      tzinfo (~> 0.3.37)
    atomic (1.1.14)
    i18n (0.6.9)
    json (1.8.1)
    minitest (4.7.5)
    multi_json (1.8.2)
    rumoji (0.3.1)
    thread_safe (0.1.3)
      atomic
    time_diff (0.3.0)
      activesupport
      i18n
    tzinfo (0.3.38)

PLATFORMS
  ruby

DEPENDENCIES
  json
  rumoji
  time_diff
